GIT
  remote: https://github.com/espen/ri_cal.git
  revision: 86e3998a0ab65762ae70d949f43bb324182b0f09
  specs:
    ri_cal (0.9.4)

GEM
  remote: http://rubygems.org/
  specs:
    activesupport (3.2.15)
      i18n (~> 0.6, >= 0.6.4)
      multi_json (~> 1.0)
    backports (3.3.5)
    i18n (0.6.5)
    minitest (5.0.8)
    multi_json (1.8.2)
    newrelic_rpm (3.6.9.171)
    puma (2.6.0)
      rack (>= 1.1, < 2.0)
    rack (1.5.2)
    rack-protection (1.5.1)
      rack
    rack-test (0.6.2)
      rack (>= 1.0)
    rake (10.1.0)
    sass (3.2.12)
    sinatra (1.4.4)
      rack (~> 1.4)
      rack-protection (~> 1.4)
      tilt (~> 1.3, >= 1.3.4)
    sinatra-contrib (1.4.1)
      backports (>= 2.0)
      multi_json
      rack-protection
      rack-test
      sinatra (~> 1.4.0)
      tilt (~> 1.3)
    slim (2.0.2)
      temple (~> 0.6.6)
      tilt (>= 1.3.3, < 2.1)
    temple (0.6.7)
    tilt (1.4.1)
    tzinfo (0.3.38)
    tzinfo-data (1.2013.8)

PLATFORMS
  ruby

DEPENDENCIES
  activesupport
  minitest (~> 5)
  newrelic_rpm
  puma
  rack-test
  rake
  ri_cal!
  sass
  sinatra
  sinatra-contrib
  slim
  tzinfo
  tzinfo-data
